GEM
  remote: https://rubygems.org/
  specs:
    ethon (0.12.0)
      ffi (>= 1.3.0)
    ffi (1.12.1)
    semantic (1.6.1)
    typhoeus (1.3.1)
      ethon (>= 0.9.0)

PLATFORMS
  ruby

DEPENDENCIES
  semantic
  typhoeus

RUBY VERSION
   ruby 2.6.0p0

BUNDLED WITH
   1.17.2
