GEM
  remote: https://rubygems.org/
  specs:
    ethon (0.14.0)
      ffi (>= 1.15.0)
    ffi (1.15.0)
    semantic (1.6.1)
    typhoeus (1.4.0)
      ethon (>= 0.9.0)

PLATFORMS
  ruby

DEPENDENCIES
  semantic
  typhoeus

RUBY VERSION
   ruby 2.6.0p0

BUNDLED WITH
   1.17.2
