GIT
  remote: git://github.com/librariesio/semantic.git
  revision: a5374ac095868cf79444c1506bbbe3a8c3ad4379
  specs:
    semantic (1.4.2)

GEM
  remote: https://rubygems.org/
  specs:
    ethon (0.10.1)
      ffi (>= 1.3.0)
    ffi (1.9.15)
    typhoeus (1.1.2)
      ethon (>= 0.9.0)

PLATFORMS
  ruby

DEPENDENCIES
  semantic!
  typhoeus

BUNDLED WITH
   1.13.6
